GIT
  remote: https://github.com/andreykraveckiy/codebreaker_gem
  revision: 97c5ca141747740161a12d3698406ee1649db8fe
  branch: write_gem
  specs:
    codebreaker (0.1.0)

GEM
  remote: https://rubygems.org/
  specs:
    coderay (1.1.1)
    diff-lcs (1.2.5)
    method_source (0.8.2)
    pry (0.10.4)
      coderay (~> 1.1.0)
      method_source (~> 0.8.1)
      slop (~> 3.4)
    rack (2.0.1)
    rspec (3.5.0)
      rspec-core (~> 3.5.0)
      rspec-expectations (~> 3.5.0)
      rspec-mocks (~> 3.5.0)
    rspec-core (3.5.4)
      rspec-support (~> 3.5.0)
    rspec-expectations (3.5.0)
      diff-lcs (>= 1.2.0, < 2.0)
      rspec-support (~> 3.5.0)
    rspec-mocks (3.5.0)
      diff-lcs (>= 1.2.0, < 2.0)
      rspec-support (~> 3.5.0)
    rspec-support (3.5.0)
    slop (3.6.0)

PLATFORMS
  ruby

DEPENDENCIES
  codebreaker!
  pry
  rack
  rspec

BUNDLED WITH
   1.11.2
